GEM
  remote: https://rubygems.org/
  specs:
    pandoc-ruby (2.0.1)

PLATFORMS
  ruby

DEPENDENCIES
  pandoc-ruby

BUNDLED WITH
   1.14.3
