GEM
  remote: https://rubygems.org/
  specs:
    pandoc-ruby (2.0.1)
    rake (12.0.0)

PLATFORMS
  ruby

DEPENDENCIES
  pandoc-ruby
  rake

BUNDLED WITH
   1.14.3
